GEM
  remote: http://rubygems.org/
  specs:
    ffi (1.9.6-x86-mingw32)
    mime-types (2.4.3)
    netrc (0.10.2)
    power_assert (0.2.2)
    rest-client (1.7.2)
      mime-types (>= 1.16, < 3.0)
      netrc (~> 0.7)
    rest-client (1.7.2-x86-mingw32)
      ffi (~> 1.9)
      mime-types (>= 1.16, < 3.0)
      netrc (~> 0.7)
    test-unit (3.0.9)
      power_assert

PLATFORMS
  x86-mingw32

DEPENDENCIES
  rest-client
  test-unit (~> 3.0.9)
